GEM
  remote: https://rubygems.org/
  specs:
    rack (3.0.10)
    rack-cors (2.0.2)
      rack (>= 2.0.0)

PLATFORMS
  x64-mingw-ucrt

DEPENDENCIES
  rack-cors

BUNDLED WITH
   2.5.9
